GEM
  specs:
    minitest (5.8.1)

PLATFORMS
  ruby

DEPENDENCIES
  minitest

BUNDLED WITH
   1.10.5
